PATH
  remote: .
  specs:
    sonice (2.1.0)
      anyplayer (> 1.1.1)
      haml
      sinatra
      thin
      xml-simple

GEM
  remote: http://rubygems.org/
  specs:
    anyplayer (1.1.2)
      ruby-mpd (~> 0.3.0)
    daemons (1.1.9)
    eventmachine (1.0.3)
    haml (4.0.3)
      tilt
    rack (1.5.2)
    rack-protection (1.5.0)
      rack
    rake (10.3.2)
    ruby-mpd (0.3.0)
    sinatra (1.4.3)
      rack (~> 1.4)
      rack-protection (~> 1.4)
      tilt (~> 1.3, >= 1.3.4)
    thin (1.5.1)
      daemons (>= 1.0.9)
      eventmachine (>= 0.12.6)
      rack (>= 1.0.0)
    tilt (1.4.1)
    xml-simple (1.1.2)

PLATFORMS
  ruby

DEPENDENCIES
  rake
  sonice!
