PATH
  remote: .
  specs:
    sonice (2.1.1)
      anyplayer (> 1.1.1)
      haml
      sinatra
      thin (~> 1.6.0)
      xml-simple

GEM
  remote: http://rubygems.org/
  specs:
    anyplayer (1.1.4)
      ruby-mpd (~> 0.3.0)
    daemons (1.1.9)
    eventmachine (1.0.3)
    haml (4.0.5)
      tilt
    rack (1.5.2)
    rack-protection (1.5.3)
      rack
    rake (10.3.2)
    ruby-mpd (0.3.1)
    sinatra (1.4.5)
      rack (~> 1.4)
      rack-protection (~> 1.4)
      tilt (~> 1.3, >= 1.3.4)
    thin (1.6.2)
      daemons (>= 1.0.9)
      eventmachine (>= 1.0.0)
      rack (>= 1.0.0)
    tilt (1.4.1)
    xml-simple (1.1.4)

PLATFORMS
  ruby

DEPENDENCIES
  rake
  sonice!
